PATH
  remote: .
  specs:
    capones_recipes (1.0.0)
      cap-recipes
      capistrano
      capistrano-ext
      capistrano_colors

GEM
  remote: http://rubygems.org/
  specs:
    cap-recipes (0.3.36)
    capistrano (2.8.0)
      highline
      net-scp (>= 1.0.0)
      net-sftp (>= 2.0.0)
      net-ssh (>= 2.0.14)
      net-ssh-gateway (>= 1.1.0)
    capistrano-ext (1.2.1)
      capistrano (>= 1.0.0)
    capistrano_colors (0.5.4)
    highline (1.6.2)
    net-scp (1.0.4)
      net-ssh (>= 1.99.1)
    net-sftp (2.0.5)
      net-ssh (>= 2.0.9)
    net-ssh (2.1.4)
    net-ssh-gateway (1.1.0)
      net-ssh (>= 1.99.1)
    rcov (0.9.9)
    shoulda (2.11.3)

PLATFORMS
  ruby

DEPENDENCIES
  cap-recipes
  capistrano
  capistrano-ext
  capistrano_colors
  capones_recipes!
  rcov
  shoulda
